GEM
  remote: https://rubygems.org/
  specs:
    addressable (2.8.0)
      public_suffix (>= 2.0.2, < 5.0)
    coffee-script (2.4.1)
      coffee-script-source
      execjs
    coffee-script-source (1.12.2)
    colorize (0.8.1)
    execjs (2.8.1)
    ffi (1.15.5)
    filewatcher (0.5.4)
      trollop (~> 2.0)
    flammarion (0.3.0)
      coffee-script
      colorize (~> 0.7)
      filewatcher (~> 0.5)
      kramdown
      launchy
      rubame (~> 0.0.2)
      sass
      slim
      websocket
    kramdown (2.3.1)
      rexml
    kramdown-parser-gfm (1.1.0)
      kramdown (~> 2.0)
    launchy (2.5.0)
      addressable (~> 2.7)
    public_suffix (4.0.6)
    rb-fsevent (0.11.0)
    rb-inotify (0.10.1)
      ffi (~> 1.0)
    rexml (3.2.5)
    rubame (0.0.2)
      websocket (~> 1.0)
    sass (3.7.4)
      sass-listen (~> 4.0.0)
    sass-listen (4.0.0)
      rb-fsevent (~> 0.9, >= 0.9.4)
      rb-inotify (~> 0.9, >= 0.9.7)
    slim (4.1.0)
      temple (>= 0.7.6, < 0.9)
      tilt (>= 2.0.6, < 2.1)
    temple (0.8.2)
    tilt (2.0.10)
    trollop (2.9.10)
    websocket (1.2.9)

PLATFORMS
  ruby

DEPENDENCIES
  flammarion (~> 0.3.0)
  kramdown-parser-gfm (~> 1.1)

BUNDLED WITH
   1.17.2
